GEM
  remote: https://www.rubygems.org/
  specs:
    appium_lib (7.0.0)
      awesome_print (~> 1.6)
      json (~> 1.8)
      nokogiri (~> 1.6.6)
      selenium-webdriver (~> 2.45)
      toml (~> 0.0)
    awesome_print (1.6.1)
    blankslate (2.1.2.4)
    builder (3.2.2)
    childprocess (0.5.6)
      ffi (~> 1.0, >= 1.0.11)
    chronic_duration (0.10.6)
      numerizer (~> 0.1.1)
    chunky_png (1.3.4)
    cucumber (2.0.0)
      builder (>= 2.1.2)
      cucumber-core (~> 1.1.3)
      diff-lcs (>= 1.1.3)
      gherkin (~> 2.12)
      multi_json (>= 1.7.5, < 2.0)
      multi_test (>= 0.1.2)
    cucumber-core (1.1.3)
      gherkin (~> 2.12.0)
    diff-lcs (1.2.5)
    ffi (1.9.8)
    gherkin (2.12.2)
      multi_json (~> 1.3)
    json (1.8.2)
    mime-types (1.25.1)
    mini_portile (0.6.2)
    multi_json (1.11.0)
    multi_test (0.1.2)
    nokogiri (1.6.6.2)
      mini_portile (~> 0.6.0)
    numerizer (0.1.1)
    parslet (1.5.0)
      blankslate (~> 2.0)
    rdoc (4.2.0)
    rest-client (1.6.8)
      mime-types (~> 1.16)
      rdoc (>= 2.4.2)
    rspec (2.14.1)
      rspec-core (~> 2.14.0)
      rspec-expectations (~> 2.14.0)
      rspec-mocks (~> 2.14.0)
    rspec-core (2.14.8)
    rspec-expectations (2.14.5)
      diff-lcs (>= 1.1.3, < 2.0)
    rspec-mocks (2.14.6)
    rubyzip (1.1.7)
    sauce_whisk (0.0.13)
      json (~> 1.8.1)
      rest-client (~> 1.6.7)
    selenium-webdriver (2.45.0)
      childprocess (~> 0.5)
      multi_json (~> 1.0)
      rubyzip (~> 1.0)
      websocket (~> 1.0)
    spec (5.3.4)
      chronic_duration (~> 0.10.2)
    toml (0.1.2)
      parslet (~> 1.5.0)
    websocket (1.2.2)

PLATFORMS
  ruby

DEPENDENCIES
  appium_lib (= 7.0.0)
  chunky_png (= 1.3.4)
  cucumber (= 2.0.0)
  json (= 1.8.2)
  rest-client (= 1.6.8)
  rspec (= 2.14.1)
  rspec-expectations (= 2.14.5)
  sauce_whisk (= 0.0.13)
  spec (= 5.3.4)
